GEM
  remote: https://rubygems.org/
  specs:
    abstract_method (1.2.1)
    ast (2.4.0)
    cheetah (0.5.0)
      abstract_method (~> 1.2)
    diff-lcs (1.3)
    docile (1.3.1)
    gettext (3.2.9)
      locale (>= 2.0.5)
      text (>= 1.3.0)
    json (2.2.0)
    locale (2.1.2)
    packaging_rake_tasks (1.4.6)
      rake
    parser (2.6.3.0)
      ast (~> 2.4.0)
    powerpack (0.1.2)
    rainbow (2.2.2)
      rake
    rake (12.3.2)
    rspec (3.3.0)
      rspec-core (~> 3.3.0)
      rspec-expectations (~> 3.3.0)
      rspec-mocks (~> 3.3.0)
    rspec-core (3.3.2)
      rspec-support (~> 3.3.0)
    rspec-expectations (3.3.1)
      diff-lcs (>= 1.2.0, < 2.0)
      rspec-support (~> 3.3.0)
    rspec-mocks (3.3.2)
      diff-lcs (>= 1.2.0, < 2.0)
      rspec-support (~> 3.3.0)
    rspec-support (3.3.0)
    rubocop (0.41.2)
      parser (>= 2.3.1.1, < 3.0)
      powerpack (~> 0.1)
      rainbow (>= 1.99.1, < 3.0)
      ruby-progressbar (~> 1.7)
      unicode-display_width (~> 1.0, >= 1.0.1)
    ruby-progressbar (1.10.0)
    simplecov (0.16.1)
      docile (~> 1.1)
      json (>= 1.8, < 3)
      simplecov-html (~> 0.10.0)
    simplecov-html (0.10.2)
    text (1.3.1)
    unicode-display_width (1.5.0)
    yard (0.9.19)
    yast-rake (0.2.32)
      packaging_rake_tasks (>= 1.1.4)
      rake

PLATFORMS
  ruby

DEPENDENCIES
  cheetah
  gettext
  rake
  rspec (~> 3.3.0)
  rubocop (~> 0.41.2)
  simplecov
  yard
  yast-rake (>= 0.2.13)

BUNDLED WITH
   2.0.1
